FRAMEWORK: >= NET45
NUGET
  remote: https://www.nuget.org/api/v2
    Chessie (0.6)
      FSharp.Core
    FSharp.Core (4.0.0.1) - redirects: force
    Microsoft.Build.Framework (15.1.548)
      System.Collections (>= 4.0.11) - framework: >= net46
      System.Diagnostics.Debug (>= 4.0.11) - framework: >= net46
      System.Globalization (>= 4.0.11) - framework: >= net46
      System.Runtime (>= 4.1) - framework: >= net46
      System.Runtime.InteropServices (>= 4.1) - framework: >= net46
      System.Threading (>= 4.0.11) - framework: >= net46
      System.Threading.Thread (>= 4.0) - framework: >= net46
    Microsoft.Build.Utilities.Core (15.1.548)
      Microsoft.Build.Framework (15.1.548) - framework: >= net46
    Mono.Cecil (0.10.0-beta5)
    Nett (0.5)
    Newtonsoft.Json (10.0.1)
    Paket.Core (4.1.3)
      Chessie (>= 0.6)
      FSharp.Core
      Mono.Cecil (>= 0.10.0-beta4)
      Newtonsoft.Json
    System.Collections (4.3) - framework: >= net46
    System.Diagnostics.Debug (4.3) - framework: >= net46
    System.Globalization (4.3) - framework: >= net46
    System.Runtime (4.3)
    System.Runtime.InteropServices (4.3) - framework: >= net46
      System.Runtime (>= 4.3) - framework: >= net462
    System.Threading (4.3) - framework: >= net46
    System.Threading.Thread (4.3) - framework: >= net46
GIT
  remote: https://github.com/fsharp-editing/Forge.git
     (4c080a569ef36f4649c18b5b64dbee4c995fc2b7)
      build: build.cmd BuildProjectSystem
      os: Windows
     (4c080a569ef36f4649c18b5b64dbee4c995fc2b7)
      build: build.sh BuildProjectSystem
      os: mono
GROUP Build
FRAMEWORK: >= NET45
NUGET
  remote: https://www.nuget.org/api/v2
    FAKE (4.57.4)
    FSharp.Compiler.Service (2.0.0.6)
    FSharp.Formatting (2.14.4)
      FSharp.Compiler.Service (2.0.0.6)
      FSharpVSPowerTools.Core (>= 2.3 < 2.4)
    FSharpVSPowerTools.Core (2.3)
      FSharp.Compiler.Service (>= 2.0.0.3)
    Octokit (0.24)
    SourceLink.Fake (1.1)
GITHUB
  remote: fsharp/FAKE
    modules/Octokit/Octokit.fsx (8a0082b3cea5849e1ba1fbdb014f4197aa62d09a)
      Octokit (>= 0.20)